PATH
  remote: vendor/haml-sprockets
  specs:
    haml-sprockets (0.0.7)
      execjs (> 1.3.0)
      sprockets (> 2.1.2)
      tilt (~> 1.3)

GEM
  remote: https://rubygems.org/
  specs:
    catapult (0.0.4)
      coffee-script (~> 2.2.0)
      listen (~> 0.4.2)
      rack (~> 1.4.1)
      sprockets (~> 2.4.3)
      sprockets-commonjs (= 0.0.6.pre)
      stylus (~> 0.6.2)
      thin
      thor (~> 0.15.2)
    chunky_png (1.2.6)
    coffee-script (2.2.0)
      coffee-script-source
      execjs
    coffee-script-source (1.3.3)
    compass (0.12.2)
      chunky_png (~> 1.2)
      fssm (>= 0.2.7)
      sass (~> 3.1)
    daemons (1.1.9)
    eventmachine (1.0.0)
    execjs (1.4.0)
      multi_json (~> 1.0)
    ffi (1.1.5)
    fssm (0.2.9)
    hike (1.2.1)
    listen (0.4.7)
      rb-fchange (~> 0.0.5)
      rb-fsevent (~> 0.9.1)
      rb-inotify (~> 0.8.8)
    multi_json (1.3.6)
    rack (1.4.1)
    rb-fchange (0.0.6)
      ffi
    rb-fsevent (0.9.1)
    rb-inotify (0.8.8)
      ffi (>= 0.5.0)
    sass (3.2.1)
    sprockets (2.4.5)
      hike (~> 1.2)
      multi_json (~> 1.0)
      rack (~> 1.0)
      tilt (~> 1.1, != 1.3.0)
    sprockets-commonjs (0.0.6.pre)
      sprockets (~> 2.4.0)
    sprockets-sass (0.9.0)
      sprockets (~> 2.0)
      tilt (~> 1.1)
    stylus (0.6.2)
      execjs
      stylus-source
    stylus-source (0.29.0)
    thin (1.4.1)
      daemons (>= 1.0.9)
      eventmachine (>= 0.12.6)
      rack (>= 1.0.0)
    thor (0.15.4)
    tilt (1.3.3)

PLATFORMS
  ruby

DEPENDENCIES
  catapult
  compass
  haml-sprockets!
  sprockets-sass
